GEM
  remote: https://rubygems.org/
  specs:
    bindata (2.4.10)
    elftools (1.1.3)
      bindata (~> 2)

PLATFORMS
  ruby

DEPENDENCIES
  elftools

BUNDLED WITH
   1.17.3
